PATH
  remote: .
  specs:
    parameter_substitution (0.1.0)

GEM
  remote: https://rubygems.org/
  specs:
    activesupport (4.2.10)
      i18n (~> 0.7)
      minitest (~> 5.1)
      thread_safe (~> 0.3, >= 0.3.4)
      tzinfo (~> 1.1)
    concurrent-ruby (1.0.5)
    diff-lcs (1.3)
    i18n (0.9.5)
      concurrent-ruby (~> 1.0)
    minitest (5.11.3)
    parslet (1.8.2)
    rake (10.5.0)
    rspec (3.8.0)
      rspec-core (~> 3.8.0)
      rspec-expectations (~> 3.8.0)
      rspec-mocks (~> 3.8.0)
    rspec-core (3.8.0)
      rspec-support (~> 3.8.0)
    rspec-expectations (3.8.1)
      diff-lcs (>= 1.2.0, < 2.0)
      rspec-support (~> 3.8.0)
    rspec-mocks (3.8.0)
      diff-lcs (>= 1.2.0, < 2.0)
      rspec-support (~> 3.8.0)
    rspec-support (3.8.0)
    thread_safe (0.3.6)
    tzinfo (1.2.5)
      thread_safe (~> 0.1)

PLATFORMS
  ruby

DEPENDENCIES
  activesupport (~> 4.0)
  bundler (~> 1.12)
  parameter_substitution!
  parslet (~> 1.8)
  rake (~> 10.0)
  rspec (~> 3.0)

BUNDLED WITH
   1.16.1
